GIT
  remote: https://github.com/lostisland/faraday_middleware.git
  revision: 9a49b369c39cbef5525f4fda7e01cf8f5eb09e24
  specs:
    faraday_middleware (0.9.0)
      faraday (>= 0.7.4, < 0.10)

GEM
  remote: https://rubygems.org/
  specs:
    activemodel (4.0.10)
      activesupport (= 4.0.10)
      builder (~> 3.1.0)
    activesupport (4.0.10)
      i18n (~> 0.6, >= 0.6.9)
      minitest (~> 4.2)
      multi_json (~> 1.3)
      thread_safe (~> 0.1)
      tzinfo (~> 0.3.37)
    bson (2.3.0)
    builder (3.1.4)
    colored (1.2)
    connection_pool (2.1.0)
    excon (0.39.6)
    faraday (0.9.0)
      multipart-post (>= 1.2, < 3)
    fog (1.23.0)
      fog-brightbox
      fog-core (~> 1.23)
      fog-json
      fog-softlayer
      ipaddress (~> 0.5)
      nokogiri (~> 1.5, >= 1.5.11)
    fog-brightbox (0.5.1)
      fog-core (~> 1.22)
      fog-json
      inflecto
    fog-core (1.24.0)
      builder
      excon (~> 0.38)
      formatador (~> 0.2)
      mime-types
      net-scp (~> 1.1)
      net-ssh (>= 2.1.3)
    fog-json (1.0.0)
      multi_json (~> 1.0)
    fog-softlayer (0.3.18)
      fog-core
      fog-json
    formatador (0.2.5)
    hiredis (0.5.2)
    i18n (0.7.0)
    inflecto (0.0.2)
    ipaddress (0.8.0)
    json-schema (2.1.9)
    kgio (2.9.2)
    mail (2.6.3)
      mime-types (>= 1.16, < 3)
    mime-types (2.4.3)
    mini_portile (0.6.0)
    minitest (4.7.5)
    moped (2.0.3)
      bson (~> 2.2)
      connection_pool (~> 2.0)
      optionable (~> 0.2.0)
    multi_json (1.10.1)
    multi_xml (0.5.5)
    multipart-post (2.0.0)
    net-scp (1.2.1)
      net-ssh (>= 2.6.5)
    net-ssh (2.9.1)
    nokogiri (1.6.3.1)
      mini_portile (= 0.6.0)
    oj (2.11.1)
    optionable (0.2.0)
    pg (0.17.1)
    pupa (0.1.11)
      activesupport (~> 4.0)
      colored (~> 1.2)
      faraday_middleware (~> 0.9.0)
      json-schema (~> 2.1.3)
      mail
      moped (~> 2.0.0.rc1)
      oj (~> 2.1)
      pg (~> 0.17.0)
      sequel (~> 4.10.0)
    rack (1.5.2)
    rack-protection (1.5.3)
      rack
    raindrops (0.13.0)
    redis (3.1.0)
    redis-store (1.1.4)
      redis (>= 2.2)
    sequel (4.10.0)
    sinatra (1.4.5)
      rack (~> 1.4)
      rack-protection (~> 1.4)
      tilt (~> 1.3, >= 1.3.4)
    thread_safe (0.3.4)
    tilt (1.4.1)
    tzinfo (0.3.42)
    unicorn (4.8.3)
      kgio (~> 2.6)
      rack
      raindrops (~> 0.7)

PLATFORMS
  ruby

DEPENDENCIES
  activemodel
  faraday_middleware!
  fog
  hiredis
  multi_xml
  nokogiri
  pupa (~> 0.1.10)
  redis-store
  sinatra
  unicorn
